PATH
  remote: .
  specs:
    redis_logger (0.0.2)
      redis

GEM
  remote: http://rubygems.org/
  specs:
    redis (3.0.4)

PLATFORMS
  ruby

DEPENDENCIES
  redis
  redis_logger!
